GEM
  specs:
    rltk (1.1.0)

PLATFORMS
  ruby

DEPENDENCIES
  rltk
